GEM
  remote: http://rubygems.org/
  specs:
    actionmailer (2.3.18)
      actionpack (= 2.3.18)
    actionpack (2.3.18)
      activesupport (= 2.3.18)
      rack (~> 1.1.0)
    activerecord (2.3.18)
      activesupport (= 2.3.18)
    activeresource (2.3.18)
      activesupport (= 2.3.18)
    activesupport (2.3.18)
    httpclient (2.2.0.2)
    i18n (0.4.0)
    mime-types (1.23)
    mysql (2.8.1)
    mysql (2.8.1-x86-mingw32)
    paperclip (2.3.3)
      activerecord
      activesupport
    parseexcel (0.5.2)
    rack (1.1.6)
    rails (2.3.18)
      actionmailer (= 2.3.18)
      actionpack (= 2.3.18)
      activerecord (= 2.3.18)
      activeresource (= 2.3.18)
      activesupport (= 2.3.18)
      rake (>= 0.8.3)
    rake (10.1.0)
    soap4r (1.5.8)
      httpclient (>= 2.1.1)
    unicode (0.4.2)
    unicode (0.4.2-x86-mingw32)

PLATFORMS
  x86-mingw32

DEPENDENCIES
  i18n (= 0.4.0)
  mime-types (~> 1.23)
  mysql (= 2.8.1)
  paperclip (= 2.3.3)
  parseexcel (= 0.5.2)
  rails (= 2.3.18)
  soap4r
  unicode (= 0.4.2)
